GEM
  remote: https://rubygems.org/
  specs:
    bini (0.7.0)
      sys-proctable
    coderay (1.1.1)
    dotenv (2.2.1)
    faraday (0.12.2)
      multipart-post (>= 1.2, < 3)
    faraday_middleware (0.12.0)
      faraday (>= 0.7.4, < 1.0)
    ffi (1.9.18)
    hashie (3.5.6)
    httparty (0.11.0)
      multi_json (~> 1.0)
      multi_xml (>= 0.5.2)
    json (2.1.0)
    logger (1.2.8)
    method_source (0.8.2)
    multi_json (1.12.1)
    multi_xml (0.6.0)
    multipart-post (2.0.0)
    mustermann (1.0.0)
    pry (0.10.4)
      coderay (~> 1.1.0)
      method_source (~> 0.8.1)
      slop (~> 3.4)
    puma (3.9.1)
    pushover (1.0.4)
      bini (= 0.7.0)
      httparty (= 0.11.0)
      yajl-ruby (= 1.1.0)
    rack (2.0.3)
    rack-protection (2.0.0)
      rack
    restforce (2.5.3)
      faraday (>= 0.9.0, <= 1.0)
      faraday_middleware (>= 0.8.8, <= 1.0)
      hashie (>= 1.2.0, < 4.0)
      json (>= 1.7.5)
    sinatra (2.0.0)
      mustermann (~> 1.0)
      rack (~> 2.0)
      rack-protection (= 2.0.0)
      tilt (~> 2.0)
    slop (3.6.0)
    sys-proctable (1.1.4)
    tilt (2.0.8)
    yajl-ruby (1.1.0)

PLATFORMS
  ruby

DEPENDENCIES
  dotenv
  ffi
  logger
  pry
  puma
  pushover
  restforce
  sinatra

RUBY VERSION
   ruby 2.3.0p0

BUNDLED WITH
   1.12.0
